GEM
  remote: https://rubygems.org/
  specs:
    diff-lcs (1.2.5)
    haml (4.0.7)
      tilt
    rspec (3.4.0)
      rspec-core (~> 3.4.0)
      rspec-expectations (~> 3.4.0)
      rspec-mocks (~> 3.4.0)
    rspec-core (3.4.1)
      rspec-support (~> 3.4.0)
    rspec-expectations (3.4.0)
      diff-lcs (>= 1.2.0, < 2.0)
      rspec-support (~> 3.4.0)
    rspec-mocks (3.4.0)
      diff-lcs (>= 1.2.0, < 2.0)
      rspec-support (~> 3.4.0)
    rspec-support (3.4.0)
    tilt (2.0.1)

PLATFORMS
  ruby

DEPENDENCIES
  haml
  rspec

BUNDLED WITH
   1.10.6
